PATH
  remote: .
  specs:
    rep_data_client (0.1.8)
      dotenv
      duplicate
      httparty

GEM
  remote: https://rubygems.org/
  specs:
    addressable (2.8.4)
      public_suffix (>= 2.0.2, < 6.0)
    ast (2.4.2)
    byebug (11.1.3)
    dotenv (2.8.1)
    duplicate (1.1.1)
    fakeweb (1.3.0)
    git (1.18.0)
      addressable (~> 2.8)
      rchardet (~> 1.8)
    httparty (0.21.0)
      mini_mime (>= 1.0.0)
      multi_xml (>= 0.5.2)
    jaro_winkler (1.5.4)
    lefthook (1.3.13)
    mini_mime (1.1.2)
    minitest (5.18.0)
    multi_xml (0.6.0)
    parallel (1.23.0)
    parser (3.2.2.1)
      ast (~> 2.4.1)
    public_suffix (5.0.1)
    rainbow (3.1.1)
    rake (10.5.0)
    rchardet (1.8.0)
    rexml (3.2.5)
    rubocop (0.80.1)
      jaro_winkler (~> 1.5.1)
      parallel (~> 1.10)
      parser (>= 2.7.0.1)
      rainbow (>= 2.2.2, < 4.0)
      rexml
      ruby-progressbar (~> 1.7)
      unicode-display_width (>= 1.4.0, < 1.7)
    rubocop-performance (1.5.2)
      rubocop (>= 0.71.0)
    rubocop_lineup (0.6.0)
      git (~> 1.3)
      rubocop (~> 0.35)
    ruby-progressbar (1.13.0)
    standard (0.2.5)
      rubocop (~> 0.80.1)
      rubocop-performance (~> 1.5.2)
    unicode-display_width (1.6.1)

PLATFORMS
  ruby

DEPENDENCIES
  bundler
  byebug
  duplicate
  fakeweb
  lefthook
  minitest (~> 5.0)
  rake (~> 10.0)
  rep_data_client!
  rubocop_lineup
  standard (~> 0.2.0)

RUBY VERSION
   ruby 2.7.7p221

BUNDLED WITH
   2.1.4
